GIT
  remote: git://github.com/hisl6802/jc_spree_email_to_friend.git
  revision: c9250662faf5d68765011c89b1431c2d8f8280fb
  specs:
    spree_email_to_friend (1.3.0)
      recaptcha (>= 0.3.1)
      spree_core (~> 3.0.0.rc2)

GIT
  remote: git://github.com/hisl6802/spree_jcauto.git
  revision: 595ef34103bc578d50aec4bc4a763778f4f6b706
  specs:
    spree (3.0.4)
      spree_api (= 3.0.4)
      spree_backend (= 3.0.4)
      spree_cmd (= 3.0.4)
      spree_core (= 3.0.4)
      spree_frontend (= 3.0.4)
      spree_sample (= 3.0.4)
    spree_api (3.0.4)
      rabl (~> 0.9.4.pre1)
      spree_core (= 3.0.4)
      versioncake (~> 2.3.1)
    spree_backend (3.0.4)
      bootstrap-sass
      jquery-rails (~> 4.0.3)
      jquery-ui-rails (~> 5.0.0)
      select2-rails (= 3.5.9.1)
      spree_api (= 3.0.4)
      spree_core (= 3.0.4)
      sprockets-rails (~> 2.2)
    spree_cmd (3.0.4)
      thor (~> 0.14)
    spree_core (3.0.4)
      activemerchant (~> 1.47.0)
      acts_as_list (~> 0.6)
      awesome_nested_set (~> 3.0.1)
      cancancan (~> 1.10.1)
      carmen (~> 1.0.0)
      deface (~> 1.0.0)
      ffaker (~> 1.16)
      font-awesome-rails (~> 4.0)
      friendly_id (~> 5.1.0)
      highline (~> 1.6.18)
      json (~> 1.7)
      kaminari (~> 0.15, >= 0.15.1)
      monetize (~> 1.1)
      paperclip (~> 4.3.0)
      paranoia (~> 2.1.0)
      premailer-rails
      rails (~> 4.2.2)
      ransack (~> 1.4.1)
      responders
      sidekiq
      state_machines-activerecord (~> 0.2)
      stringex
      truncate_html (= 0.9.2)
      twitter_cldr (~> 3.0)
    spree_frontend (3.0.4)
      bootstrap-sass
      canonical-rails (~> 0.0.4)
      jquery-rails (~> 4.0.3)
      spree_api (= 3.0.4)
      spree_core (= 3.0.4)
      sprockets-rails (~> 2.2)
    spree_sample (3.0.4)
      spree_core (= 3.0.4)

GIT
  remote: git://github.com/karla-holman/bootstrap-sass-jcauto.git
  revision: 9a5c951c463a36d985624022734a0b187cc8c549
  specs:
    bootstrap-sass (3.3.5.1)
      autoprefixer-rails (>= 5.0.0.1)
      sass (>= 3.3.0)

GIT
  remote: git://github.com/karla-holman/my_spree_wishlist.git
  revision: b5f1107b4e2e0a7f9ab016174551c076acf17159
  specs:
    spree_wishlist (2.2.0)
      spree_core (~> 3.0.4)

GIT
  remote: git://github.com/karla-holman/spree_paypal_express.git
  revision: b32fb42a3a96e04878cadd3cbad7322644396237
  specs:
    spree_paypal_express (3.0.0)
      paypal-sdk-merchant (= 1.106.1)
      spree_core (~> 3.0.0)

GIT
  remote: git://github.com/spree-contrib/spree_mail_settings.git
  revision: d416a1e355893bda625ed5bea187d39526aa52f9
  branch: 3-0-stable
  specs:
    spree_mail_settings (3.0.0)
      spree_backend (~> 3.0.0)

GIT
  remote: git://github.com/spree-contrib/spree_tax_cloud.git
  revision: 34f027976ec5014161bdbf0a0900bec5a1c19348
  branch: 3-0-stable
  specs:
    spree_tax_cloud (3.0.0)
      savon (~> 2.5.1)
      spree_backend (~> 3.0.0)
      spree_core (~> 3.0.0)
      tax_cloud (~> 0.3.0)

GIT
  remote: git://github.com/spree/spree_auth_devise.git
  revision: 1ac9dcc33049b185a0dd884c832583feb4b91890
  branch: 3-0-stable
  specs:
    spree_auth_devise (3.0.6)
      devise (~> 3.5.4)
      devise-encryptable (= 0.1.2)
      json
      multi_json
      spree_core (~> 3.0.0)

GIT
  remote: git://github.com/spree/spree_gateway.git
  revision: 3cb02b0b3a45be5f4ace9d9295ffb3c11864e605
  branch: 3-0-stable
  specs:
    spree_gateway (3.0.0)
      spree_core (~> 3.0.0)

GIT
  remote: git://github.com/spree/spree_wombat.git
  revision: aa010bc4aee21f1aec900cbe32a76d45b2ca2d16
  branch: 3-0-stable
  specs:
    spree_wombat (2.2.0)
      active_model_serializers (= 0.9.0.alpha1)
      httparty
      spree_core (~> 3.0.0)

GEM
  remote: https://rubygems.org/
  specs:
    actionmailer (4.2.11.1)
      actionpack (= 4.2.11.1)
      actionview (= 4.2.11.1)
      activejob (= 4.2.11.1)
      mail (~> 2.5, >= 2.5.4)
      rails-dom-testing (~> 1.0, >= 1.0.5)
    actionpack (4.2.11.1)
      actionview (= 4.2.11.1)
      activesupport (= 4.2.11.1)
      rack (~> 1.6)
      rack-test (~> 0.6.2)
      rails-dom-testing (~> 1.0, >= 1.0.5)
      rails-html-sanitizer (~> 1.0, >= 1.0.2)
    actionview (4.2.11.1)
      activesupport (= 4.2.11.1)
      builder (~> 3.1)
      erubis (~> 2.7.0)
      rails-dom-testing (~> 1.0, >= 1.0.5)
      rails-html-sanitizer (~> 1.0, >= 1.0.3)
    active_model_serializers (0.9.0.alpha1)
      activemodel (>= 3.2)
    activejob (4.2.11.1)
      activesupport (= 4.2.11.1)
      globalid (>= 0.3.0)
    activemerchant (1.47.0)
      activesupport (>= 3.2.14, < 5.0.0)
      builder (>= 2.1.2, < 4.0.0)
      i18n (>= 0.6.9)
      nokogiri (~> 1.4)
    activemodel (4.2.11.1)
      activesupport (= 4.2.11.1)
      builder (~> 3.1)
    activerecord (4.2.11.1)
      activemodel (= 4.2.11.1)
      activesupport (= 4.2.11.1)
      arel (~> 6.0)
    activesupport (4.2.11.1)
      i18n (~> 0.7)
      minitest (~> 5.1)
      thread_safe (~> 0.3, >= 0.3.4)
      tzinfo (~> 1.1)
    acts_as_list (0.9.19)
      activerecord (>= 3.0)
    addressable (2.7.0)
      public_suffix (>= 2.0.2, < 5.0)
    akami (1.2.2)
      gyoku (>= 0.4.0)
      nokogiri
    arel (6.0.4)
    autoprefixer-rails (9.7.4)
      execjs
    awesome_nested_set (3.0.3)
      activerecord (>= 4.0.0, < 5)
    aws-sdk (1.67.0)
      aws-sdk-v1 (= 1.67.0)
    aws-sdk-v1 (1.67.0)
      json (~> 1.4)
      nokogiri (~> 1)
    bcrypt (3.1.13)
    benchmark-ips (2.7.2)
    binding_of_caller (0.8.0)
      debug_inspector (>= 0.0.1)
    bootstrap-datepicker-rails (1.9.0.1)
      railties (>= 3.0)
    builder (3.2.4)
    byebug (11.1.1)
    camertron-eprun (1.1.1)
    cancancan (1.10.1)
    canonical-rails (0.0.11)
      rails (>= 3.1, < 5.0)
    carmen (1.0.2)
      activesupport (>= 3.0.0)
    cldr-plurals-runtime-rb (1.0.1)
    climate_control (0.2.0)
    cocaine (0.5.8)
      climate_control (>= 0.0.3, < 1.0)
    coffee-rails (4.1.1)
      coffee-script (>= 2.2.0)
      railties (>= 4.0.0, < 5.1.x)
    coffee-script (2.4.1)
      coffee-script-source
      execjs
    coffee-script-source (1.8.0)
    colorize (0.8.1)
    concurrent-ruby (1.1.6)
    connection_pool (2.2.2)
    crass (1.0.6)
    css_parser (1.7.1)
      addressable
    debug_inspector (0.0.3)
    deface (1.0.2)
      colorize (>= 0.5.8)
      nokogiri (~> 1.6.0)
      polyglot
      rails (>= 3.1)
    derailed_benchmarks (1.6.0)
      benchmark-ips (~> 2)
      get_process_mem (~> 0)
      heapy (~> 0)
      memory_profiler (~> 0)
      rack (>= 1)
      rake (> 10, < 14)
      ruby-statistics (>= 2.1)
      thor (>= 0.19, < 2)
    devise (3.5.10)
      bcrypt (~> 3.0)
      orm_adapter (~> 0.1)
      railties (>= 3.2.6, < 5)
      responders
      thread_safe (~> 0.1)
      warden (~> 1.2.3)
    devise-encryptable (0.1.2)
      devise (>= 2.1.0)
    erubis (2.7.0)
    execjs (2.7.0)
    ffaker (1.32.1)
    ffi (1.12.2)
    ffi (1.12.2-x86-mingw32)
    font-awesome-rails (4.7.0.5)
      railties (>= 3.2, < 6.1)
    friendly_id (5.1.0)
      activerecord (>= 4.0.0)
    get_process_mem (0.2.5)
      ffi (~> 1.0)
    globalid (0.4.2)
      activesupport (>= 4.2.0)
    gyoku (1.1.1)
      builder (>= 2.1.2)
    heapy (0.1.4)
    highline (1.6.21)
    htmlentities (4.3.4)
    httparty (0.18.0)
      mime-types (~> 3.0)
      multi_xml (>= 0.5.2)
    httpi (2.1.1)
      rack
      rubyntlm (~> 0.3.2)
    i18n (0.9.5)
      concurrent-ruby (~> 1.0)
    jbuilder (2.9.1)
      activesupport (>= 4.2.0)
    jquery-rails (4.0.5)
      rails-dom-testing (~> 1.0)
      railties (>= 4.2.0)
      thor (>= 0.14, < 2.0)
    jquery-ui-rails (5.0.5)
      railties (>= 3.2.16)
    json (1.8.6)
    kaminari (0.17.0)
      actionpack (>= 3.0.0)
      activesupport (>= 3.0.0)
    local_time (2.1.0)
    loofah (2.4.0)
      crass (~> 1.0.2)
      nokogiri (>= 1.5.9)
    macaddr (1.7.2)
      systemu (~> 2.6.5)
    mail (2.7.1)
      mini_mime (>= 0.1.1)
    memory_profiler (0.9.14)
    mime-types (3.3.1)
      mime-types-data (~> 3.2015)
    mime-types-data (3.2019.1009)
    mimemagic (0.3.0)
    mini_mime (1.0.2)
    mini_portile (0.6.2)
    minitest (5.14.0)
    monetize (1.9.4)
      money (~> 6.12)
    money (6.13.7)
      i18n (>= 0.6.4, <= 2)
    multi_json (1.14.1)
    multi_xml (0.6.0)
    nio4r (2.5.2)
    nokogiri (1.6.6.4)
      mini_portile (~> 0.6.0)
    nokogiri (1.6.6.4-x86-mingw32)
      mini_portile (~> 0.6.0)
    nori (2.4.0)
    orm_adapter (0.5.0)
    paper_trail (4.0.2)
      activerecord (>= 3.0, < 6.0)
      activesupport (>= 3.0, < 6.0)
      request_store (~> 1.1)
    paperclip (4.3.7)
      activemodel (>= 3.2.0)
      activesupport (>= 3.2.0)
      cocaine (~> 0.5.5)
      mime-types
      mimemagic (= 0.3.0)
    paranoia (2.1.5)
      activerecord (~> 4.0)
    paypal-sdk-core (0.2.10)
      multi_json (~> 1.0)
      xml-simple
    paypal-sdk-merchant (1.106.1)
      paypal-sdk-core (~> 0.2.3)
    pg (0.19.0)
    pg (0.19.0-x86-mingw32)
    polyamorous (1.3.3)
      activerecord (>= 3.0)
    polyglot (0.3.5)
    premailer (1.11.1)
      addressable
      css_parser (>= 1.6.0)
      htmlentities (>= 4.0.0)
    premailer-rails (1.10.3)
      actionmailer (>= 3)
      premailer (~> 1.7, >= 1.7.9)
    public_suffix (4.0.3)
    puma (4.3.3)
      nio4r (~> 2.0)
    qbwc (1.0.0)
      qbxml (>= 0.3.0)
      wash_out (>= 0.7.1)
    qbxml (0.4.0)
      activesupport (>= 4.1.0)
      builder (~> 3.0)
      nokogiri (~> 1.5)
    rabl (0.9.4.pre1)
      activesupport (>= 2.3.14)
    rack (1.6.13)
    rack-protection (2.0.8.1)
      rack
    rack-ssl (1.4.1)
      rack
    rack-test (0.6.3)
      rack (>= 1.0)
    rails (4.2.11.1)
      actionmailer (= 4.2.11.1)
      actionpack (= 4.2.11.1)
      actionview (= 4.2.11.1)
      activejob (= 4.2.11.1)
      activemodel (= 4.2.11.1)
      activerecord (= 4.2.11.1)
      activesupport (= 4.2.11.1)
      bundler (>= 1.3.0, < 2.0)
      railties (= 4.2.11.1)
      sprockets-rails
    rails-deprecated_sanitizer (1.0.3)
      activesupport (>= 4.2.0.alpha)
    rails-dom-testing (1.0.9)
      activesupport (>= 4.2.0, < 5.0)
      nokogiri (~> 1.6)
      rails-deprecated_sanitizer (>= 1.0.1)
    rails-html-sanitizer (1.3.0)
      loofah (~> 2.3)
    rails_12factor (0.0.3)
      rails_serve_static_assets
      rails_stdout_logging
    rails_serve_static_assets (0.0.5)
    rails_stdout_logging (0.0.5)
    railties (4.2.11.1)
      actionpack (= 4.2.11.1)
      activesupport (= 4.2.11.1)
      rake (>= 0.8.7)
      thor (>= 0.18.1, < 2.0)
    rake (13.0.1)
    ransack (1.4.1)
      actionpack (>= 3.0)
      activerecord (>= 3.0)
      activesupport (>= 3.0)
      i18n
      polyamorous (~> 1.1)
    rb-fsevent (0.10.3)
    rb-inotify (0.10.1)
      ffi (~> 1.0)
    rdoc (4.3.0)
    recaptcha (5.3.0)
      json
    redis (4.1.3)
    request_store (1.5.0)
      rack (>= 1.4)
    responders (2.4.1)
      actionpack (>= 4.2.0, < 6.0)
      railties (>= 4.2.0, < 6.0)
    ruby-ole (1.2.12.2)
    ruby-statistics (2.1.2)
    rubyntlm (0.3.4)
    sass (3.7.4)
      sass-listen (~> 4.0.0)
    sass-listen (4.0.0)
      rb-fsevent (~> 0.9, >= 0.9.4)
      rb-inotify (~> 0.9, >= 0.9.7)
    sass-rails (5.0.7)
      railties (>= 4.0.0, < 6)
      sass (~> 3.1)
      sprockets (>= 2.8, < 4.0)
      sprockets-rails (>= 2.0, < 4.0)
      tilt (>= 1.1, < 3)
    savon (2.5.1)
      akami (~> 1.2.0)
      builder (>= 2.1.2)
      gyoku (~> 1.1.0)
      httpi (~> 2.1.0)
      nokogiri (>= 1.4.0)
      nori (~> 2.4.0)
      uuid (~> 2.3.7)
      wasabi (~> 3.3.0)
    sdoc (0.4.2)
      json (~> 1.7, >= 1.7.7)
      rdoc (~> 4.0)
    select2-rails (3.5.9.1)
      thor (~> 0.14)
    sidekiq (5.2.8)
      connection_pool (~> 2.2, >= 2.2.2)
      rack (< 2.1.0)
      rack-protection (>= 1.5.0)
      redis (>= 3.3.5, < 5)
    social-share-button (1.2.1)
      coffee-rails
    spreadsheet (1.2.6)
      ruby-ole (>= 1.0)
    spring (2.1.0)
    sprockets (3.7.2)
      concurrent-ruby (~> 1.0)
      rack (> 1, < 3)
    sprockets-rails (2.3.3)
      actionpack (>= 3.0)
      activesupport (>= 3.0)
      sprockets (>= 2.8, < 4.0)
    stackprof (0.2.15)
    state_machines (0.5.0)
    state_machines-activemodel (0.7.1)
      activemodel (>= 4.1)
      state_machines (>= 0.5.0)
    state_machines-activerecord (0.6.0)
      activerecord (>= 4.1)
      state_machines-activemodel (>= 0.5.0)
    stringex (2.8.5)
    systemu (2.6.5)
    tax_cloud (0.3.0)
      activesupport (>= 3.0)
      i18n
      savon (>= 2.0)
    thor (0.20.3)
    thread_safe (0.3.6)
    tilt (2.0.10)
    truncate_html (0.9.2)
    turbolinks (5.2.1)
      turbolinks-source (~> 5.2)
    turbolinks-source (5.2.0)
    twitter_cldr (3.6.0)
      camertron-eprun
      cldr-plurals-runtime-rb (~> 1.0)
      tzinfo
    tzinfo (1.2.6)
      thread_safe (~> 0.1)
    tzinfo-data (1.2019.3)
      tzinfo (>= 1.0.0)
    uglifier (4.2.0)
      execjs (>= 0.3.0, < 3)
    uuid (2.3.9)
      macaddr (~> 1.0)
    versioncake (2.3.1)
      actionpack (>= 3.2)
      activesupport (>= 3.2)
      railties (>= 3.2)
      tzinfo
    warden (1.2.7)
      rack (>= 1.0)
    wasabi (3.3.1)
      httpi (~> 2.0)
      nokogiri (>= 1.4.0)
    wash_out (0.12.0)
      nori (>= 2.0.0)
    web-console (2.3.0)
      activemodel (>= 4.0)
      binding_of_caller (>= 0.7.2)
      railties (>= 4.0)
      sprockets-rails (>= 2.0, < 4.0)
    xml-simple (1.1.5)

PLATFORMS
  ruby
  x86-mingw32

DEPENDENCIES
  aws-sdk (< 2.0)
  bootstrap-datepicker-rails
  bootstrap-sass!
  byebug
  coffee-rails (~> 4.1.0)
  coffee-script-source (= 1.8.0)
  derailed_benchmarks
  jbuilder (~> 2.0)
  jquery-rails
  jquery-ui-rails
  local_time
  paper_trail (~> 4.0.0)
  paperclip
  pg (~> 0.18)
  puma
  qbwc
  rack-ssl
  rails
  rails_12factor
  redis
  sass-rails (~> 5.0)
  sdoc (~> 0.4.0)
  sidekiq
  social-share-button
  spreadsheet
  spree!
  spree_auth_devise!
  spree_email_to_friend!
  spree_gateway!
  spree_mail_settings!
  spree_paypal_express!
  spree_tax_cloud!
  spree_wishlist!
  spree_wombat!
  spring
  sprockets
  stackprof
  turbolinks
  tzinfo-data
  uglifier (>= 1.3.0)
  web-console (~> 2.0)

RUBY VERSION
   ruby 2.5.7p206

BUNDLED WITH
   1.17.3
